GEM
  remote: https://rubygems.org/
  specs:
    dotenv (0.10.0)
    faraday (0.8.9)
      multipart-post (~> 1.2.0)
    foreman (0.63.0)
      dotenv (>= 0.7)
      thor (>= 0.13.6)
    gitlab (3.3.0)
      httparty
      terminal-table
    httparty (0.13.3)
      json (~> 1.8)
      multi_xml (>= 0.5.2)
    idobata (0.0.6)
      faraday (~> 0.8.8)
    json (1.8.2)
    multi_xml (0.5.5)
    multipart-post (1.2.0)
    rack (1.5.2)
    rack-protection (1.5.2)
      rack
    sinatra (1.4.4)
      rack (~> 1.4)
      rack-protection (~> 1.4)
      tilt (~> 1.3, >= 1.3.4)
    slim (2.0.2)
      temple (~> 0.6.6)
      tilt (>= 1.3.3, < 2.1)
    temple (0.6.7)
    terminal-table (1.4.5)
    thor (0.19.1)
    tilt (1.4.1)

PLATFORMS
  ruby

DEPENDENCIES
  foreman
  gitlab
  idobata
  rack
  sinatra
  slim
